GIT
  remote: git@github.com:somebox/ruby-trello.git
  revision: a0231a09b4c0321e3caf37acb556f2c4e105d73b
  specs:
    ruby-trello (0.4.4.1)
      activemodel
      addressable (~> 2.3)
      json
      oauth (~> 0.4.5)
      rest-client (~> 1.6.7)

GEM
  remote: http://rubygems.org/
  specs:
    activemodel (3.2.9)
      activesupport (= 3.2.9)
      builder (~> 3.0.0)
    activerecord (3.2.9)
      activemodel (= 3.2.9)
      activesupport (= 3.2.9)
      arel (~> 3.0.2)
      tzinfo (~> 0.3.29)
    activesupport (3.2.9)
      i18n (~> 0.6)
      multi_json (~> 1.0)
    addressable (2.3.2)
    arel (3.0.2)
    awesome_print (1.1.0)
    builder (3.0.4)
    i18n (0.6.1)
    json (1.7.5)
    mime-types (1.19)
    multi_json (1.4.0)
    oauth (0.4.7)
    rest-client (1.6.7)
      mime-types (>= 1.16)
    sqlite3 (1.3.6)
    tzinfo (0.3.35)

PLATFORMS
  ruby

DEPENDENCIES
  activerecord
  activesupport
  awesome_print
  json
  rest-client
  ruby-trello!
  sqlite3
